GEM
  remote: http://rubygems.org/
  specs:
    bouncy-castle-java (1.5.0146.1)
    eventmachine (0.12.10-java)
    jruby-jars (1.6.5)
    jruby-openssl (0.7.4)
      bouncy-castle-java
    jruby-rack (1.1.1)
    rake (0.9.2.2)
    rubyzip (0.9.4)
    warbler (1.3.2)
      jruby-jars (>= 1.4.0)
      jruby-rack (>= 1.0.0)
      rake (>= 0.8.7)
      rubyzip (>= 0.9.4)

PLATFORMS
  java
  ruby

DEPENDENCIES
  eventmachine
  jruby-openssl
  rake
  warbler
