GEM
  remote: http://rubygems.org/
  specs:
    dante (0.1.2)
    diff-lcs (1.1.3)
    em-zeromq (0.2.2)
      eventmachine (>= 1.0.0.beta.4)
      ffi (>= 1.0.0)
      ffi-rzmq (~> 0.9.0)
    eventmachine (1.0.0.beta.4)
    eventmachine (1.0.0.beta.4-java)
    ffi (1.0.11)
    ffi (1.0.11-java)
    ffi-rzmq (0.9.3)
      ffi
    jruby-jars (1.6.5)
    jruby-rack (1.1.1)
    json (1.6.1)
    json (1.6.1-java)
    macaddr (1.5.0)
      systemu (>= 2.4.0)
    nokogiri (1.5.0)
    nokogiri (1.5.0-java)
    rake (0.9.2.2)
    rspec (2.7.0)
      rspec-core (~> 2.7.0)
      rspec-expectations (~> 2.7.0)
      rspec-mocks (~> 2.7.0)
    rspec-core (2.7.1)
    rspec-expectations (2.7.0)
      diff-lcs (~> 1.1.2)
    rspec-mocks (2.7.0)
    rubyzip (0.9.4)
    systemu (2.4.2)
    uuid (2.3.4)
      macaddr (~> 1.0)
    warbler (1.3.2)
      jruby-jars (>= 1.4.0)
      jruby-rack (>= 1.0.0)
      rake (>= 0.8.7)
      rubyzip (>= 0.9.4)

PLATFORMS
  java
  ruby

DEPENDENCIES
  dante
  em-zeromq (= 0.2.2)
  json
  nokogiri
  rake
  rspec
  uuid
  warbler
